GEM
  remote: http://rubygems.org/
  specs:
    awesome_print (1.7.0)
    diff-lcs (1.2.5)
    iostruct (0.0.4)
    multipart-post (1.1.5)
    progressbar (0.21.0)
    rspec (3.5.0)
      rspec-core (~> 3.5.0)
      rspec-expectations (~> 3.5.0)
      rspec-mocks (~> 3.5.0)
    rspec-core (3.5.3)
      rspec-support (~> 3.5.0)
    rspec-expectations (3.5.0)
      diff-lcs (>= 1.2.0, < 2.0)
      rspec-support (~> 3.5.0)
    rspec-mocks (3.5.0)
      diff-lcs (>= 1.2.0, < 2.0)
      rspec-support (~> 3.5.0)
    rspec-support (3.5.0)
    what_methods (1.0.1)
    zhexdump (0.0.2)

PLATFORMS
  ruby

DEPENDENCIES
  awesome_print
  bundler
  iostruct (>= 0.0.4)
  multipart-post (~> 1.1.4)
  progressbar
  rspec
  what_methods
  zhexdump (>= 0.0.2)

BUNDLED WITH
   1.12.5
